GEM
  remote: https://rubygems.org/
  specs:
    httparty (0.11.0)
      multi_json (~> 1.0)
      multi_xml (>= 0.5.2)
    multi_json (1.7.9)
    multi_xml (0.5.5)
    pinboard (0.1.1)
      httparty (= 0.11.0)
    redis (3.0.4)

PLATFORMS
  ruby

DEPENDENCIES
  httparty
  pinboard (~> 0.1)
  redis (~> 3.0)
